GEM
  remote: https://rubygems.org/
  specs:
    multi_exiftool (0.7.0)
    rake (12.3.3)

PLATFORMS
  ruby

DEPENDENCIES
  multi_exiftool (~> 0.7.0)
  rake

BUNDLED WITH
   1.15.4
